GEM
  specs:
    bcrypt (3.1.13)
    childprocess (3.0.0)
    colorize (0.8.1)
    concurrent-ruby (1.1.5)
    dotenv (2.7.5)
    faker (2.8.0)
      i18n (>= 1.6, < 1.8)
    i18n (1.7.0)
      concurrent-ruby (~> 1.0)
    mini_portile2 (2.4.0)
    nokogiri (1.10.7)
      mini_portile2 (~> 2.4.0)
    regexp_parser (1.6.0)
    rubyzip (2.0.0)
    selenium-webdriver (3.142.6)
      childprocess (>= 0.5, < 4.0)
      rubyzip (>= 1.2.2)
    watir (6.16.5)
      regexp_parser (~> 1.2)
      selenium-webdriver (~> 3.6)

PLATFORMS
  ruby

DEPENDENCIES
  bcrypt
  colorize (~> 0.8.1)
  dotenv
  faker
  nokogiri
  selenium-webdriver
  watir

BUNDLED WITH
   2.0.2
